GEM
  remote: https://rubygems.org/
  specs:
    minitest (5.14.4)
    shoulda-context (2.0.0)

PLATFORMS
  x86_64-darwin-20

DEPENDENCIES
  minitest
  shoulda-context

BUNDLED WITH
   2.2.15
